GEM
  remote: http://rubygems.org/
  specs:
    proxied_request (0.1.2)

PLATFORMS
  x64-mingw-ucrt

DEPENDENCIES
  proxied_request

BUNDLED WITH
   2.4.12
